GEM
  remote: https://rubygems.org/
  specs:
    addressable (2.5.0)
      public_suffix (~> 2.0, >= 2.0.2)
    fastimage (2.0.1)
      addressable (~> 2)
    public_suffix (2.0.4)

PLATFORMS
  ruby

DEPENDENCIES
  fastimage

BUNDLED WITH
   1.13.6
